GEM
  remote: https://rubygems.org/
  specs:
    activesupport (7.0.4)
      concurrent-ruby (~> 1.0, >= 1.0.2)
      i18n (>= 1.6, < 2)
      minitest (>= 5.1)
      tzinfo (~> 2.0)
    coderay (1.1.3)
    concurrent-ruby (1.1.10)
    ethon (0.15.0)
      ffi (>= 1.15.0)
    ffi (1.15.5)
    httparty (0.20.0)
      mime-types (~> 3.0)
      multi_xml (>= 0.5.2)
    i18n (1.12.0)
      concurrent-ruby (~> 1.0)
    json (2.6.2)
    jsoner (0.0.4)
    method_source (1.0.0)
    mime-types (3.4.1)
      mime-types-data (~> 3.2015)
    mime-types-data (3.2022.0105)
    minitest (5.16.3)
    multi_xml (0.6.0)
    nokogiri (1.13.8-x86_64-linux)
      racc (~> 1.4)
    pry (0.14.1)
      coderay (~> 1.1)
      method_source (~> 1.0)
    racc (1.6.0)
    typhoeus (1.4.0)
      ethon (>= 0.9.0)
    tzinfo (2.0.5)
      concurrent-ruby (~> 1.0)

PLATFORMS
  x86_64-linux

DEPENDENCIES
  activesupport
  httparty (~> 0.20.0)
  json (~> 2.6)
  jsoner
  nokogiri (~> 1.13)
  pry (~> 0.14.1)
  typhoeus (~> 1.4)

BUNDLED WITH
   2.3.7
